GIT
  remote: git://github.com/rfc2822/recaptcha.git
  revision: 59e78ce28588fdb3b7a7fdb4c49c2eb459459e8a
  branch: rails3
  specs:
    recaptcha (0.2.3)

GIT
  remote: git://github.com/wildfalcon/abingo.git
  revision: bc73f5875543ac8765259fa725d887ba24310c98
  branch: rails3
  specs:
    abingo (0.0.0)

GEM
  remote: http://rubygems.org/
  specs:
    aasm (2.2.0)
    abstract (1.0.0)
    actionmailer (3.0.3)
      actionpack (= 3.0.3)
      mail (~> 2.2.9)
    actionpack (3.0.3)
      activemodel (= 3.0.3)
      activesupport (= 3.0.3)
      builder (~> 2.1.2)
      erubis (~> 2.6.6)
      i18n (~> 0.4.1)
      rack (~> 1.2.1)
      rack-mount (~> 0.6.13)
      rack-test (~> 0.5.6)
      tzinfo (~> 0.3.23)
    activemodel (3.0.3)
      activesupport (= 3.0.3)
      builder (~> 2.1.2)
      i18n (~> 0.4.1)
    activerecord (3.0.3)
      activemodel (= 3.0.3)
      activesupport (= 3.0.3)
      arel (~> 2.0.2)
      tzinfo (~> 0.3.23)
    activeresource (3.0.3)
      activemodel (= 3.0.3)
      activesupport (= 3.0.3)
    activesupport (3.0.3)
    arel (2.0.2)
    aws-s3 (0.6.2)
      builder
      mime-types
      xml-simple
    builder (2.1.2)
    columnize (0.3.2)
    contacts (1.2.3)
      gdata (>= 1.1.1)
      json (>= 1.1.1)
    daemons (1.1.0)
    delayed_job (2.1.1)
      activesupport (~> 3.0)
      daemons
    email_veracity (0.6.0)
    erubis (2.6.6)
      abstract (>= 1.0.0)
    fastercsv (1.5.3)
    gattica (0.4.3)
      hpricot (>= 0.6.164)
    gchart (1.0.0)
    gdata (1.1.1)
    hpricot (0.8.3)
    i18n (0.4.2)
    json (1.4.3)
    json_pure (1.4.6)
    linecache (0.43)
    mail (2.2.9.1)
      activesupport (>= 2.3.6)
      i18n (>= 0.4.1)
      mime-types (~> 1.16)
      treetop (~> 1.4.8)
    mime-types (1.16)
    mysql (2.8.1)
    polyglot (0.3.1)
    rack (1.2.1)
    rack-mount (0.6.13)
      rack (>= 1.0.0)
    rack-test (0.5.6)
      rack (>= 1.0)
    rails (3.0.3)
      actionmailer (= 3.0.3)
      actionpack (= 3.0.3)
      activerecord (= 3.0.3)
      activeresource (= 3.0.3)
      activesupport (= 3.0.3)
      bundler (~> 1.0.0)
      railties (= 3.0.3)
    railties (3.0.3)
      actionpack (= 3.0.3)
      activesupport (= 3.0.3)
      rake (>= 0.8.7)
      thor (~> 0.14.4)
    rake (0.8.7)
    rest-client (1.6.1)
      mime-types (>= 1.16)
    ruby-debug (0.10.4)
      columnize (>= 0.1)
      ruby-debug-base (~> 0.10.4.0)
    ruby-debug-base (0.10.4)
      linecache (>= 0.3)
    sequel (3.17.0)
    sinatra (1.0)
      rack (>= 1.0)
    sqlite3-ruby (1.3.2)
    taps (0.3.14)
      json_pure (>= 1.2.0, < 1.5.0)
      rack (>= 1.0.1)
      rest-client (>= 1.4.0, < 1.7.0)
      sequel (~> 3.17.0)
      sinatra (~> 1.0.0)
      sqlite3-ruby (~> 1.2)
    text (0.2.0)
    thor (0.14.4)
    to-csv (1.0.3)
      activesupport (>= 2.3.5)
    treetop (1.4.8)
      polyglot (>= 0.3.1)
    tzinfo (0.3.23)
    will_paginate (3.0.pre2)
    xml-simple (1.0.12)

PLATFORMS
  ruby

DEPENDENCIES
  aasm (= 2.2.0)
  abingo!
  aws-s3 (= 0.6.2)
  contacts (= 1.2.3)
  delayed_job (= 2.1.1)
  email_veracity (= 0.6.0)
  fastercsv (= 1.5.3)
  gattica (= 0.4.3)
  gchart (= 1.0.0)
  gdata (= 1.1.1)
  json (= 1.4.3)
  mysql (= 2.8.1)
  rails (= 3.0.3)
  recaptcha (= 0.2.3)!
  ruby-debug (= 0.10.4)
  taps (= 0.3.14)
  text (= 0.2.0)
  to-csv (= 1.0.3)
  will_paginate (~> 3.0.pre2)
